GIT
  remote: git://github.com/getsentry/raven-ruby.git
  revision: 3dc5c6e8a3f70f746f50a861f195d7a6d678fc24
  specs:
    sentry-raven (0.16.0.dev0)
      faraday (>= 0.7.6)

GEM
  remote: https://rubygems.org/
  remote: https://tB3Vqa765GyMQt6dxPtW@gem.fury.io/lokalebasen/
  specs:
    amq-protocol (1.9.2)
    bunny (1.7.1)
      amq-protocol (~> 1.9.2)
    domain_name (0.5.22)
      unf (>= 0.0.5, < 1.0.0)
    dotenv (1.0.2)
    faraday (0.9.2)
      multipart-post (>= 1.2, < 3)
    hashdiff (0.1.1)
    http-cookie (1.0.2)
      domain_name (~> 0.5)
    lbunny (0.1.5)
      bunny (~> 1.7)
    mechanize (2.7.3)
      domain_name (~> 0.5, >= 0.5.1)
      http-cookie (~> 1.0)
      mime-types (~> 2.0)
      net-http-digest_auth (~> 1.1, >= 1.1.1)
      net-http-persistent (~> 2.5, >= 2.5.2)
      nokogiri (~> 1.4)
      ntlm-http (~> 0.1, >= 0.1.1)
      webrobots (>= 0.0.9, < 0.2)
    mime-types (2.4.3)
    mini_portile (0.6.1)
    multipart-post (2.0.0)
    net-http-digest_auth (1.4)
    net-http-persistent (2.9.4)
    nokogiri (1.6.5)
      mini_portile (~> 0.6.0)
    ntlm-http (0.1.1)
    rake (10.1.0)
    unf (0.1.4)
      unf_ext
    unf_ext (0.0.6)
    webrobots (0.1.1)

PLATFORMS
  ruby

DEPENDENCIES
  dotenv
  hashdiff
  lbunny!
  mechanize
  rake
  sentry-raven!
